PATH
  remote: .
  specs:
    bastille (0.0.5)
      gibberish
      highline
      httparty (= 0.11.0)
      multi_json
      octokit (= 1.24.0)
      redis
      redis-namespace (~> 1.2)
      sinatra
      thor

GEM
  remote: https://rubygems.org/
  specs:
    addressable (2.3.6)
    aruba (0.5.1)
      childprocess (~> 0.3.6)
      cucumber (>= 1.1.1)
      rspec-expectations (>= 2.7.0)
    builder (3.2.0)
    childprocess (0.3.9)
      ffi (~> 1.0, >= 1.0.11)
    cucumber (1.2.3)
      builder (>= 2.1.2)
      diff-lcs (>= 1.1.3)
      gherkin (~> 2.11.6)
      multi_json (~> 1.3)
    diff-lcs (1.2.1)
    fakeredis (0.4.2)
      redis (~> 3.0.0)
    faraday (0.9.0)
      multipart-post (>= 1.2, < 3)
    faraday_middleware (0.9.1)
      faraday (>= 0.7.4, < 0.10)
    ffi (1.6.0)
    gherkin (2.11.6)
      json (>= 1.7.6)
    gibberish (1.4.0)
    hashie (2.1.2)
    highline (1.6.21)
    httparty (0.11.0)
      multi_json (~> 1.0)
      multi_xml (>= 0.5.2)
    json (1.7.7)
    mimic (0.4.3)
      json
      plist
      rack
      sinatra
    multi_json (1.7.2)
    multi_xml (0.5.5)
    multipart-post (2.0.0)
    netrc (0.7.7)
    octokit (1.24.0)
      addressable (~> 2.2)
      faraday (~> 0.8)
      faraday_middleware (~> 0.9)
      hashie (~> 2.0)
      multi_json (~> 1.3)
      netrc (~> 0.7.7)
    plist (3.1.0)
    rack (1.5.2)
    rack-protection (1.5.0)
      rack
    redis (3.0.3)
    redis-namespace (1.3.1)
      redis (~> 3.0.0)
    rspec (2.13.0)
      rspec-core (~> 2.13.0)
      rspec-expectations (~> 2.13.0)
      rspec-mocks (~> 2.13.0)
    rspec-core (2.13.1)
    rspec-expectations (2.13.0)
      diff-lcs (>= 1.1.3, < 2.0)
    rspec-mocks (2.13.0)
    sinatra (1.4.2)
      rack (~> 1.5, >= 1.5.2)
      rack-protection (~> 1.4)
      tilt (~> 1.3, >= 1.3.4)
    system_timer (1.2.4)
    thor (0.19.1)
    tilt (1.3.6)

PLATFORMS
  ruby

DEPENDENCIES
  aruba
  bastille!
  fakeredis
  mimic
  rspec
  system_timer
