GIT
  remote: git://github.com/pengwynn/octokit.git
  revision: c7ffd05ac8e2e9b514712ebb548c72268a4bc4c1
  specs:
    octokit (1.23.0)
      addressable (~> 2.2)
      faraday (~> 0.8)
      faraday_middleware (~> 0.9)
      hashie (~> 1.2)
      multi_json (~> 1.3)
      netrc (~> 0.7.7)

GEM
  remote: https://rubygems.org/
  specs:
    addressable (2.3.3)
    faraday (0.8.6)
      multipart-post (~> 1.1)
    faraday_middleware (0.9.0)
      faraday (>= 0.7.4, < 0.9)
    hashie (1.2.0)
    highline (1.6.15)
    multi_json (1.6.1)
    multipart-post (1.1.5)
    netrc (0.7.7)
    thor (0.17.0)

PLATFORMS
  ruby

DEPENDENCIES
  highline
  octokit!
  thor
